GEM
  remote: https://rubygems.org/
  specs:
    colorize (0.8.1)
    tty-cursor (0.7.1)
    tty-reader (0.8.0)
      tty-cursor (~> 0.7)
      tty-screen (~> 0.8)
      wisper (~> 2.0)
    tty-screen (0.8.1)
    wisper (2.0.1)

PLATFORMS
  ruby

DEPENDENCIES
  colorize (~> 0.8.1)
  tty-reader (~> 0.8.0)

BUNDLED WITH
   2.1.4
